GEM
  remote: https://rubygems.org/
  specs:
    builder (3.2.2)
    childprocess (4.1.0)
    concurrent-ruby (1.1.10)
    cucumber (1.3.8)
      builder (>= 2.1.2)
      diff-lcs (>= 1.1.3)
      gherkin (~> 2.12.1)
      multi_json (>= 1.7.5, < 2.0)
      multi_test (>= 0.0.2)
    data_magic (1.2)
      faker (>= 1.1.2)
      yml_reader (>= 0.6)
    diff-lcs (1.2.4)
    faker (2.21.0)
      i18n (>= 1.8.11, < 2)
    gherkin (2.12.2)
      multi_json (~> 1.3)
    gherkin (2.12.2-x86-mingw32)
      multi_json (~> 1.3)
    i18n (1.10.0)
      concurrent-ruby (~> 1.0)
    json (1.8.0)
    mediawiki-selenium (0.1.7)
    multi_json (1.15.0)
    multi_test (0.0.2)
    net-http-persistent (2.9)
    page-object (0.9.2)
      page_navigation (>= 0.8)
      selenium-webdriver (>= 2.35.0)
      watir-webdriver (>= 0.6.4)
    page_navigation (0.10)
      data_magic (>= 0.22)
    rexml (3.2.5)
    rspec-expectations (2.14.3)
      diff-lcs (>= 1.1.3, < 2.0)
    rubyzip (2.3.2)
    selenium-webdriver (4.2.1)
      childprocess (>= 0.5, < 5.0)
      rexml (~> 3.2, >= 3.2.5)
      rubyzip (>= 1.2.2, < 3.0)
      websocket (~> 1.0)
    syntax (1.0.0)
    watir-webdriver (0.6.4)
      selenium-webdriver (>= 2.18.0)
    websocket (1.2.9)
    yml_reader (0.7)

PLATFORMS
  ruby
  x86-mingw32

DEPENDENCIES
  cucumber
  json
  mediawiki-selenium
  net-http-persistent
  page-object
  rspec-expectations
  syntax
